GEM
  remote: http://rubygems.org/
  specs:
    git (1.2.5)
    isolate (2.1.2)
    jeweler (1.5.0.pre2)
      bundler (~> 1.0.0)
      git (>= 1.2.5)
      rake
    rake (0.8.7)
    rspec (1.3.0)
    thor (0.14.0)
    yard (0.6.0)

PLATFORMS
  ruby

DEPENDENCIES
  isolate (~> 2.1.2)
  jeweler (~> 1.5.0.pre5)
  rspec (~> 1.3.0)
  thor (~> 0.14.0)
  yard (~> 0.6.0)
